GIT
  remote: git@github.com:HomeBusProjects/ruby-homebus-application.git
  revision: e29f8f2844f2ef14a0c67e8ad45adcf6c8fc66a0
  specs:
    homebus_app (0.9.5)
      dotenv
      mqtt

GIT
  remote: https://github.com/HomeBusProjects/ruby-homebus
  revision: 64d64f26adf2e82d4c8cb7219bdd534f2275f817
  specs:
    homebus (0.3.1)

GEM
  remote: https://rubygems.org/
  specs:
    dotenv (2.7.6)
    mqtt (0.5.0)

PLATFORMS
  ruby

DEPENDENCIES
  homebus!
  homebus_app!
  mqtt

BUNDLED WITH
   2.1.2
